GIT
  remote: https://github.com/Floppy/jsontableschema-rb
  revision: e69aedf40308ce892c87100c58db198e8b76a484
  branch: infer-with-empty-cells
  specs:
    jsontableschema (0.2.0)
      currencies (~> 0.4.2)
      json-schema (~> 2.6.0)
      tod (~> 2.1.0)
      uuid (~> 2.3.8)

GIT
  remote: https://github.com/jamesjefferies/csvlint.rb.git
  revision: 117c0eab2d86f3124e51827ed6a769d13e5fa1a5
  branch: ruby-2.4-rails-5.0-compatibility
  specs:
    csvlint (0.3.3)
      activesupport
      addressable
      colorize
      escape_utils
      mime-types
      net-http-persistent (< 3.0)
      open_uri_redirections
      rack
      thor
      typhoeus
      uri_template

GIT
  remote: https://github.com/pezholio/grape-swagger-rails.git
  revision: 2b474ff5f848906b67674edae9eff1a822d04312
  branch: change-layout-test-branch
  specs:
    grape-swagger-rails (0.2.2)
      grape-swagger (>= 0.7.2)
      railties (>= 3.2.12)

GIT
  remote: https://github.com/theodi/alternate-rails.git
  revision: 914eebd911a9a2788571f618ca1de2b3cce64fcb
  specs:
    alternate_rails (5.0.0)
      rails (>= 5.0.0)

GIT
  remote: https://github.com/theodi/csv2json.git
  revision: aea935b07ca401f66d5249d1860960e65f42bc37
  specs:
    csv2json (0.2)
      csvlint

GIT
  remote: https://github.com/theodi/csv2rest.git
  revision: 32dd54523ae6ff1e24bc9e140546e4f77ca655cc
  specs:
    csv2rest (0.1.1)
      csv2json
      thor (~> 0.19)

GEM
  remote: https://rubygems.org/
  specs:
    actioncable (5.0.3)
      actionpack (= 5.0.3)
      nio4r (>= 1.2, < 3.0)
      websocket-driver (~> 0.6.1)
    actionmailer (5.0.3)
      actionpack (= 5.0.3)
      actionview (= 5.0.3)
      activejob (= 5.0.3)
      mail (~> 2.5, >= 2.5.4)
      rails-dom-testing (~> 2.0)
    actionpack (5.0.3)
      actionview (= 5.0.3)
      activesupport (= 5.0.3)
      rack (~> 2.0)
      rack-test (~> 0.6.3)
      rails-dom-testing (~> 2.0)
      rails-html-sanitizer (~> 1.0, >= 1.0.2)
    actionview (5.0.3)
      activesupport (= 5.0.3)
      builder (~> 3.1)
      erubis (~> 2.7.0)
      rails-dom-testing (~> 2.0)
      rails-html-sanitizer (~> 1.0, >= 1.0.3)
    activejob (5.0.3)
      activesupport (= 5.0.3)
      globalid (>= 0.3.6)
    activemodel (5.0.3)
      activesupport (= 5.0.3)
    activerecord (5.0.3)
      activemodel (= 5.0.3)
      activesupport (= 5.0.3)
      arel (~> 7.0)
    activesupport (5.0.3)
      concurrent-ruby (~> 1.0, >= 1.0.2)
      i18n (~> 0.7)
      minitest (~> 5.1)
      tzinfo (~> 1.1)
    addressable (2.3.8)
    airbrake (6.1.1)
      airbrake-ruby (~> 2.2, >= 2.2.5)
    airbrake-ruby (2.2.5)
    annotate (2.7.1)
      activerecord (>= 3.2, < 6.0)
      rake (>= 10.4, < 12.0)
    arel (7.1.4)
    autoprefixer-rails (6.7.7.2)
      execjs
    awesome_print (1.7.0)
    aws-sdk (2.9.28)
      aws-sdk-resources (= 2.9.28)
    aws-sdk-core (2.9.28)
      aws-sigv4 (~> 1.0)
      jmespath (~> 1.0)
    aws-sdk-resources (2.9.28)
      aws-sdk-core (= 2.9.28)
    aws-sigv4 (1.0.0)
    axiom-types (0.1.1)
      descendants_tracker (~> 0.0.4)
      ice_nine (~> 0.11.0)
      thread_safe (~> 0.3, >= 0.3.1)
    better_errors (2.1.1)
      coderay (>= 1.0.0)
      erubis (>= 2.6.6)
      rack (>= 0.9.0)
    binding_of_caller (0.7.2)
      debug_inspector (>= 0.0.1)
    bootstrap-sass (3.2.0.2)
      sass (~> 3.2)
    bootstrap-select-rails (1.12.1)
    bootstrap-table-rails (1.11.1.1)
    bootstrap_form (2.7.0)
    buftok (0.2.0)
    builder (3.2.3)
    bundler-audit (0.5.0)
      bundler (~> 1.2)
      thor (~> 0.18)
    capybara (2.13.0)
      addressable
      mime-types (>= 1.16)
      nokogiri (>= 1.3.3)
      rack (>= 1.0.0)
      rack-test (>= 0.5.4)
      xpath (~> 2.0)
    certificate-factory (0.1.0)
      dotenv
      httparty
      rake
    cliver (0.3.2)
    coderay (1.1.1)
    coercible (1.0.0)
      descendants_tracker (~> 0.0.1)
    colorize (0.8.1)
    concurrent-ruby (1.0.5)
    connection_pool (2.2.1)
    coveralls (0.8.20)
      json (>= 1.8, < 3)
      simplecov (~> 0.14.1)
      term-ansicolor (~> 1.3)
      thor (~> 0.19.4)
      tins (~> 1.6)
    crack (0.4.3)
      safe_yaml (~> 1.0.0)
    currencies (0.4.2)
    database_cleaner (1.6.1)
    debug_inspector (0.0.2)
    descendants_tracker (0.0.4)
      thread_safe (~> 0.3, >= 0.3.1)
    diff-lcs (1.3)
    docile (1.1.5)
    domain_name (0.5.20170404)
      unf (>= 0.0.5, < 1.0.0)
    dotenv (2.2.1)
    dotenv-rails (2.2.1)
      dotenv (= 2.2.1)
      railties (>= 3.2, < 5.2)
    emd (0.1.0)
      redcarpet
    equalizer (0.0.10)
    erubis (2.7.0)
    escape_utils (1.2.1)
    ethon (0.10.1)
      ffi (>= 1.3.0)
    execjs (2.7.0)
    factory_girl (4.8.0)
      activesupport (>= 3.0.0)
    factory_girl_rails (4.8.0)
      factory_girl (~> 4.8.0)
      railties (>= 3.0.0)
    faker (1.7.3)
      i18n (~> 0.5)
    faraday (0.9.2)
      multipart-post (>= 1.2, < 3)
    ffi (1.9.18)
    font-awesome-sass (4.7.0)
      sass (>= 3.2)
    foreman (0.84.0)
      thor (~> 0.19.1)
    formatador (0.2.5)
    git (1.3.0)
    globalid (0.4.0)
      activesupport (>= 4.2.0)
    grape (0.19.2)
      activesupport
      builder
      hashie (>= 2.1.0)
      multi_json (>= 1.3.2)
      multi_xml (>= 0.5.2)
      mustermann-grape (~> 1.0.0)
      rack (>= 1.3.0)
      rack-accept
      virtus (>= 1.0.0)
    grape-entity (0.6.1)
      activesupport (>= 5.0.0)
      multi_json (>= 1.3.2)
    grape-route-helpers (2.0.0)
      activesupport
      grape (~> 0.16, >= 0.16.0)
      rake
    grape-swagger (0.26.0)
      grape (>= 0.16.2)
    grape-swagger-entity (0.2.0)
      grape-entity (>= 0.5.0)
      grape-swagger (>= 0.20.4)
    guard (2.14.1)
      formatador (>= 0.2.4)
      listen (>= 2.7, < 4.0)
      lumberjack (~> 1.0)
      nenv (~> 0.1)
      notiffany (~> 0.0)
      pry (>= 0.9.12)
      shellany (~> 0.0)
      thor (>= 0.18.1)
    guard-compat (1.2.1)
    guard-rails (0.8.0)
      guard (~> 2.11)
      guard-compat (~> 1.0)
    guard-rspec (4.7.3)
      guard (~> 2.1)
      guard-compat (~> 1.1)
      rspec (>= 2.99.0, < 4.0)
    hashdiff (0.3.2)
    hashie (3.5.5)
    http (1.0.4)
      addressable (~> 2.3)
      http-cookie (~> 1.0)
      http-form_data (~> 1.0.1)
      http_parser.rb (~> 0.6.0)
    http-cookie (1.0.3)
      domain_name (~> 0.5)
    http-form_data (1.0.1)
    http_parser.rb (0.6.0)
    httparty (0.14.0)
      multi_xml (>= 0.5.2)
    httpclient (2.8.3)
    i18n (0.8.4)
    ice_nine (0.11.2)
    jbuilder (2.6.4)
      activesupport (>= 3.0.0)
      multi_json (>= 1.2)
    jmespath (1.3.1)
    jquery-rails (4.3.1)
      rails-dom-testing (>= 1, < 3)
      railties (>= 4.2.0)
      thor (>= 0.14, < 2.0)
    json (1.8.6)
    json-schema (2.6.2)
      addressable (~> 2.3.8)
    jwt (1.5.6)
    launchy (2.4.3)
      addressable (~> 2.3)
    letter_opener (1.4.1)
      launchy (~> 2.2)
    listen (3.1.5)
      rb-fsevent (~> 0.9, >= 0.9.4)
      rb-inotify (~> 0.9, >= 0.9.7)
      ruby_dep (~> 1.2)
    lograge (0.5.1)
      actionpack (>= 4, < 5.2)
      activesupport (>= 4, < 5.2)
      railties (>= 4, < 5.2)
    lol_dba (2.1.2)
      actionpack (>= 3.0)
      activerecord (>= 3.0)
      railties (>= 3.0)
    loofah (2.0.3)
      nokogiri (>= 1.5.9)
    lumberjack (1.0.11)
    macaddr (1.7.1)
      systemu (~> 2.6.2)
    mail (2.6.5)
      mime-types (>= 1.16, < 4)
    memoizable (0.4.2)
      thread_safe (~> 0.3, >= 0.3.1)
    method_source (0.8.2)
    mime-types (3.1)
      mime-types-data (~> 3.2015)
    mime-types-data (3.2016.0521)
    mini_portile2 (2.1.0)
    minitest (5.10.2)
    multi_json (1.12.1)
    multi_xml (0.6.0)
    multipart-post (2.0.0)
    mustermann (1.0.0)
    mustermann-grape (1.0.0)
      mustermann (~> 1.0.0)
    naught (1.1.0)
    nenv (0.3.0)
    net-http-persistent (2.9.4)
    nio4r (2.1.0)
    nokogiri (1.7.2)
      mini_portile2 (~> 2.1.0)
    notiffany (0.1.1)
      nenv (~> 0.1)
      shellany (~> 0.0)
    oauth2 (1.3.1)
      faraday (>= 0.8, < 0.12)
      jwt (~> 1.0)
      multi_json (~> 1.3)
      multi_xml (~> 0.5)
      rack (>= 1.2, < 3)
    octokit (4.7.0)
      sawyer (~> 0.8.0, >= 0.5.3)
    odlifier (0.1.1)
      httparty
    omniauth (1.6.1)
      hashie (>= 3.4.6, < 3.6.0)
      rack (>= 1.6.2, < 3)
    omniauth-github (1.3.0)
      omniauth (~> 1.5)
      omniauth-oauth2 (>= 1.4.0, < 2.0)
    omniauth-oauth2 (1.4.0)
      oauth2 (~> 1.0)
      omniauth (~> 1.2)
    open_uri_redirections (0.2.1)
    pg (0.20.0)
    poltergeist (1.14.0)
      capybara (~> 2.1)
      cliver (~> 0.3.1)
      websocket-driver (>= 0.2.0)
    pry (0.10.4)
      coderay (~> 1.1.0)
      method_source (~> 0.8.1)
      slop (~> 3.4)
    pry-remote (0.1.8)
      pry (~> 0.9)
      slop (~> 3.0)
    puma (3.8.2)
    pusher (1.3.1)
      httpclient (~> 2.7)
      multi_json (~> 1.0)
      pusher-signature (~> 0.1.8)
    pusher-signature (0.1.8)
    rack (2.0.3)
    rack-accept (0.4.5)
      rack (>= 0.4)
    rack-protection (2.0.0)
      rack
    rack-test (0.6.3)
      rack (>= 1.0)
    rails (5.0.3)
      actioncable (= 5.0.3)
      actionmailer (= 5.0.3)
      actionpack (= 5.0.3)
      actionview (= 5.0.3)
      activejob (= 5.0.3)
      activemodel (= 5.0.3)
      activerecord (= 5.0.3)
      activesupport (= 5.0.3)
      bundler (>= 1.3.0, < 2.0)
      railties (= 5.0.3)
      sprockets-rails (>= 2.0.0)
    rails-bootstrap-helpers (0.1.0)
      rails (>= 3.2.11)
    rails-controller-testing (1.0.1)
      actionpack (~> 5.x)
      actionview (~> 5.x)
      activesupport (~> 5.x)
    rails-dom-testing (2.0.3)
      activesupport (>= 4.2.0)
      nokogiri (>= 1.6)
    rails-html-sanitizer (1.0.3)
      loofah (~> 2.0)
    rails_12factor (0.0.3)
      rails_serve_static_assets
      rails_stdout_logging
    rails_serve_static_assets (0.0.5)
    rails_stdout_logging (0.0.5)
    railties (5.0.3)
      actionpack (= 5.0.3)
      activesupport (= 5.0.3)
      method_source
      rake (>= 0.8.7)
      thor (>= 0.18.1, < 2.0)
    rake (11.3.0)
    rb-fsevent (0.9.8)
    rb-inotify (0.9.8)
      ffi (>= 0.5.0)
    rdoc (4.3.0)
    redcarpet (3.4.0)
    redis (3.3.3)
    rouge (2.0.7)
    rspec (3.5.0)
      rspec-core (~> 3.5.0)
      rspec-expectations (~> 3.5.0)
      rspec-mocks (~> 3.5.0)
    rspec-core (3.5.4)
      rspec-support (~> 3.5.0)
    rspec-expectations (3.5.0)
      diff-lcs (>= 1.2.0, < 2.0)
      rspec-support (~> 3.5.0)
    rspec-mocks (3.5.0)
      diff-lcs (>= 1.2.0, < 2.0)
      rspec-support (~> 3.5.0)
    rspec-rails (3.5.2)
      actionpack (>= 3.0)
      activesupport (>= 3.0)
      railties (>= 3.0)
      rspec-core (~> 3.5.0)
      rspec-expectations (~> 3.5.0)
      rspec-mocks (~> 3.5.0)
      rspec-support (~> 3.5.0)
    rspec-support (3.5.0)
    ruby_dep (1.5.0)
    safe_yaml (1.0.4)
    sass (3.4.23)
    sass-rails (5.0.6)
      railties (>= 4.0.0, < 6)
      sass (~> 3.1)
      sprockets (>= 2.8, < 4.0)
      sprockets-rails (>= 2.0, < 4.0)
      tilt (>= 1.1, < 3)
    sawyer (0.8.1)
      addressable (>= 2.3.5, < 2.6)
      faraday (~> 0.8, < 1.0)
    sdoc (0.4.2)
      json (~> 1.7, >= 1.7.7)
      rdoc (~> 4.0)
    shellany (0.0.1)
    sidekiq (5.0.0)
      concurrent-ruby (~> 1.0)
      connection_pool (~> 2.2, >= 2.2.0)
      rack-protection (>= 1.5.0)
      redis (~> 3.3, >= 3.3.3)
    simple_oauth (0.3.1)
    simplecov (0.14.1)
      docile (~> 1.1.0)
      json (>= 1.8, < 3)
      simplecov-html (~> 0.10.0)
    simplecov-html (0.10.0)
    slop (3.6.0)
    spring (2.0.2)
      activesupport (>= 4.2)
    spring-commands-rspec (1.0.4)
      spring (>= 0.9.1)
    sprockets (3.7.1)
      concurrent-ruby (~> 1.0)
      rack (> 1, < 3)
    sprockets-rails (3.2.0)
      actionpack (>= 4.0)
      activesupport (>= 4.0)
      sprockets (>= 3.0.0)
    systemu (2.6.5)
    term-ansicolor (1.6.0)
      tins (~> 1.0)
    terminal-notifier-guard (1.7.0)
    thor (0.19.4)
    thread_safe (0.3.6)
    tilt (2.0.7)
    timecop (0.8.1)
    tins (1.13.2)
    tod (2.1.1)
    twitter (5.17.0)
      addressable (~> 2.3)
      buftok (~> 0.2.0)
      equalizer (= 0.0.10)
      faraday (~> 0.9.0)
      http (~> 1.0)
      http_parser.rb (~> 0.6.0)
      json (~> 1.8)
      memoizable (~> 0.4.0)
      naught (~> 1.0)
      simple_oauth (~> 0.3.0)
    typhoeus (1.1.2)
      ethon (>= 0.9.0)
    tzinfo (1.2.3)
      thread_safe (~> 0.1)
    uglifier (3.2.0)
      execjs (>= 0.3.0, < 3)
    unf (0.1.4)
      unf_ext
    unf_ext (0.0.7.4)
    uri_template (0.7.0)
    uuid (2.3.8)
      macaddr (~> 1.0)
    vcr (3.0.3)
    virtus (1.0.5)
      axiom-types (~> 0.1)
      coercible (~> 1.0)
      descendants_tracker (~> 0.0, >= 0.0.3)
      equalizer (~> 0.0, >= 0.0.9)
    webmock (3.0.1)
      addressable (>= 2.3.6)
      crack (>= 0.3.2)
      hashdiff
    websocket-driver (0.6.5)
      websocket-extensions (>= 0.1.0)
    websocket-extensions (0.1.2)
    xpath (2.0.0)
      nokogiri (~> 1.3)

PLATFORMS
  ruby

DEPENDENCIES
  airbrake
  alternate_rails (~> 5.0.0)!
  annotate
  autoprefixer-rails
  awesome_print
  aws-sdk (~> 2)
  better_errors
  binding_of_caller
  bootstrap-sass (~> 3.2.0)
  bootstrap-select-rails
  bootstrap-table-rails
  bootstrap_form
  bundler-audit
  certificate-factory
  coderay
  coveralls (~> 0.8.20)
  csv2json!
  csv2rest!
  csvlint!
  database_cleaner
  dotenv-rails
  emd
  factory_girl_rails
  faker
  font-awesome-sass
  foreman
  git
  grape
  grape-route-helpers
  grape-swagger (= 0.26.0)
  grape-swagger-entity (~> 0.2.0)
  grape-swagger-rails!
  guard
  guard-rails
  guard-rspec
  jbuilder (~> 2.6)
  jquery-rails
  jsontableschema!
  letter_opener
  lograge
  lol_dba
  octokit
  odlifier
  omniauth-github
  open_uri_redirections
  pg
  poltergeist
  pry
  pry-remote
  puma
  pusher
  rails (~> 5.0.3)
  rails-bootstrap-helpers
  rails-controller-testing
  rails_12factor
  redcarpet
  rouge
  rspec-rails
  sass-rails
  sdoc (~> 0.4.0)
  sidekiq
  spring
  spring-commands-rspec
  term-ansicolor
  terminal-notifier-guard (~> 1.7.0)
  timecop
  twitter
  uglifier
  vcr
  webmock

RUBY VERSION
   ruby 2.4.0p0

BUNDLED WITH
   1.14.6
