GIT
  remote: git://github.com/theodi/alternate-rails.git
  revision: 83a5b8b73655283b2d9729eeae848488881eecc4
  specs:
    alternate_rails (0.0.2)
      rails (>= 3.2.13)

GEM
  remote: https://rubygems.org/
  specs:
    actionmailer (4.1.15)
      actionpack (= 4.1.15)
      actionview (= 4.1.15)
      mail (~> 2.5, >= 2.5.4)
    actionpack (4.1.15)
      actionview (= 4.1.15)
      activesupport (= 4.1.15)
      rack (~> 1.5.2)
      rack-test (~> 0.6.2)
    actionview (4.1.15)
      activesupport (= 4.1.15)
      builder (~> 3.1)
      erubis (~> 2.7.0)
    activemodel (4.1.15)
      activesupport (= 4.1.15)
      builder (~> 3.1)
    activerecord (4.1.15)
      activemodel (= 4.1.15)
      activesupport (= 4.1.15)
      arel (~> 5.0.0)
    activesupport (4.1.15)
      i18n (~> 0.6, >= 0.6.9)
      json (~> 1.7, >= 1.7.7)
      minitest (~> 5.1)
      thread_safe (~> 0.1)
      tzinfo (~> 1.1)
    addressable (2.4.0)
    arel (5.0.1.20140414130214)
    autoprefixer-rails (6.3.6)
      execjs
    bootstrap-sass (3.2.0.2)
      sass (~> 3.2)
    bootstrap-select-rails (1.6.3)
    bootstrap_form (2.3.0)
    builder (3.2.2)
    capybara (2.7.1)
      addressable
      mime-types (>= 1.16)
      nokogiri (>= 1.3.3)
      rack (>= 1.0.0)
      rack-test (>= 0.5.4)
      xpath (~> 2.0)
    cliver (0.3.2)
    coderay (1.1.1)
    coffee-rails (4.0.1)
      coffee-script (>= 2.2.0)
      railties (>= 4.0.0, < 5.0)
    coffee-script (2.4.1)
      coffee-script-source
      execjs
    coffee-script-source (1.10.0)
    colorize (0.7.7)
    coveralls (0.8.13)
      json (~> 1.8)
      simplecov (~> 0.11.0)
      term-ansicolor (~> 1.3)
      thor (~> 0.19.1)
      tins (~> 1.6.0)
    crack (0.4.3)
      safe_yaml (~> 1.0.0)
    csvlint (0.3.0)
      activesupport
      addressable
      colorize
      escape_utils
      mime-types
      open_uri_redirections
      thor
      typhoeus
      uri_template
    cucumber (2.3.3)
      builder (>= 2.1.2)
      cucumber-core (~> 1.4.0)
      cucumber-wire (~> 0.0.1)
      diff-lcs (>= 1.1.3)
      gherkin (~> 3.2.0)
      multi_json (>= 1.7.5, < 2.0)
      multi_test (>= 0.1.2)
    cucumber-core (1.4.0)
      gherkin (~> 3.2.0)
    cucumber-rails (1.4.3)
      capybara (>= 1.1.2, < 3)
      cucumber (>= 1.3.8, < 3)
      mime-types (>= 1.16, < 4)
      nokogiri (~> 1.5)
      railties (>= 3, < 5)
    cucumber-wire (0.0.1)
    database_cleaner (1.5.3)
    diff-lcs (1.2.5)
    docile (1.1.5)
    dotenv (2.1.1)
    dotenv-rails (2.1.1)
      dotenv (= 2.1.1)
      railties (>= 4.0, < 5.1)
    erubis (2.7.0)
    escape_utils (1.2.1)
    ethon (0.9.0)
      ffi (>= 1.3.0)
    execjs (2.6.0)
    factory_girl (4.7.0)
      activesupport (>= 3.0.0)
    factory_girl_rails (4.7.0)
      factory_girl (~> 4.7.0)
      railties (>= 3.0.0)
    faker (1.6.3)
      i18n (~> 0.5)
    faraday (0.9.2)
      multipart-post (>= 1.2, < 3)
    ffi (1.9.10)
    font-awesome-sass (4.6.2)
      sass (>= 3.2)
    gherkin (3.2.0)
    git (1.3.0)
    hashdiff (0.3.0)
    hashie (3.4.4)
    hike (1.2.3)
    httparty (0.13.7)
      json (~> 1.8)
      multi_xml (>= 0.5.2)
    i18n (0.7.0)
    jbuilder (2.4.1)
      activesupport (>= 3.0.0, < 5.1)
      multi_json (~> 1.2)
    jquery-rails (3.1.4)
      railties (>= 3.0, < 5.0)
      thor (>= 0.14, < 2.0)
    json (1.8.3)
    jwt (1.5.1)
    kgio (2.10.0)
    mail (2.6.4)
      mime-types (>= 1.16, < 4)
    method_source (0.8.2)
    mime-types (3.0)
      mime-types-data (~> 3.2015)
    mime-types-data (3.2016.0221)
    mini_portile2 (2.0.0)
    minitest (5.8.4)
    multi_json (1.12.0)
    multi_test (0.1.2)
    multi_xml (0.5.5)
    multipart-post (2.0.0)
    nokogiri (1.6.7.2)
      mini_portile2 (~> 2.0.0.rc2)
    oauth2 (1.1.0)
      faraday (>= 0.8, < 0.10)
      jwt (~> 1.0, < 1.5.2)
      multi_json (~> 1.3)
      multi_xml (~> 0.5)
      rack (>= 1.2, < 3)
    octokit (4.3.0)
      sawyer (~> 0.7.0, >= 0.5.3)
    odlifier (0.1.1)
      httparty
    omniauth (1.3.1)
      hashie (>= 1.2, < 4)
      rack (>= 1.0, < 3)
    omniauth-github (1.1.2)
      omniauth (~> 1.0)
      omniauth-oauth2 (~> 1.1)
    omniauth-oauth2 (1.4.0)
      oauth2 (~> 1.0)
      omniauth (~> 1.2)
    open_uri_redirections (0.2.1)
    pg (0.18.4)
    poltergeist (1.9.0)
      capybara (~> 2.1)
      cliver (~> 0.3.1)
      multi_json (~> 1.0)
      websocket-driver (>= 0.2.0)
    pry (0.10.3)
      coderay (~> 1.1.0)
      method_source (~> 0.8.1)
      slop (~> 3.4)
    pry-remote (0.1.8)
      pry (~> 0.9)
      slop (~> 3.0)
    rack (1.5.5)
    rack-test (0.6.3)
      rack (>= 1.0)
    rails (4.1.15)
      actionmailer (= 4.1.15)
      actionpack (= 4.1.15)
      actionview (= 4.1.15)
      activemodel (= 4.1.15)
      activerecord (= 4.1.15)
      activesupport (= 4.1.15)
      bundler (>= 1.3.0, < 2.0)
      railties (= 4.1.15)
      sprockets-rails (~> 2.0)
    rails-bootstrap-helpers (0.1.0)
      rails (>= 3.2.11)
    rails_12factor (0.0.3)
      rails_serve_static_assets
      rails_stdout_logging
    rails_serve_static_assets (0.0.5)
    rails_stdout_logging (0.0.5)
    railties (4.1.15)
      actionpack (= 4.1.15)
      activesupport (= 4.1.15)
      rake (>= 0.8.7)
      thor (>= 0.18.1, < 2.0)
    raindrops (0.16.0)
    rake (11.1.2)
    rdoc (4.2.2)
      json (~> 1.4)
    rspec-core (3.4.4)
      rspec-support (~> 3.4.0)
    rspec-expectations (3.4.0)
      diff-lcs (>= 1.2.0, < 2.0)
      rspec-support (~> 3.4.0)
    rspec-mocks (3.4.1)
      diff-lcs (>= 1.2.0, < 2.0)
      rspec-support (~> 3.4.0)
    rspec-rails (3.4.2)
      actionpack (>= 3.0, < 4.3)
      activesupport (>= 3.0, < 4.3)
      railties (>= 3.0, < 4.3)
      rspec-core (~> 3.4.0)
      rspec-expectations (~> 3.4.0)
      rspec-mocks (~> 3.4.0)
      rspec-support (~> 3.4.0)
    rspec-support (3.4.1)
    safe_yaml (1.0.4)
    sass (3.2.19)
    sass-rails (4.0.5)
      railties (>= 4.0.0, < 5.0)
      sass (~> 3.2.2)
      sprockets (~> 2.8, < 3.0)
      sprockets-rails (~> 2.0)
    sawyer (0.7.0)
      addressable (>= 2.3.5, < 2.5)
      faraday (~> 0.8, < 0.10)
    sdoc (0.4.1)
      json (~> 1.7, >= 1.7.7)
      rdoc (~> 4.0)
    simplecov (0.11.2)
      docile (~> 1.1.0)
      json (~> 1.8)
      simplecov-html (~> 0.10.0)
    simplecov-html (0.10.0)
    slop (3.6.0)
    spring (1.7.1)
    sprockets (2.12.4)
      hike (~> 1.2)
      multi_json (~> 1.0)
      rack (~> 1.0)
      tilt (~> 1.1, != 1.3.0)
    sprockets-rails (2.3.3)
      actionpack (>= 3.0)
      activesupport (>= 3.0)
      sprockets (>= 2.8, < 4.0)
    term-ansicolor (1.3.2)
      tins (~> 1.0)
    thor (0.19.1)
    thread_safe (0.3.5)
    tilt (1.4.1)
    tins (1.6.0)
    typhoeus (1.0.2)
      ethon (>= 0.9.0)
    tzinfo (1.2.2)
      thread_safe (~> 0.1)
    uglifier (3.0.0)
      execjs (>= 0.3.0, < 3)
    unicorn (5.1.0)
      kgio (~> 2.6)
      raindrops (~> 0.7)
    uri_template (0.7.0)
    vcr (3.0.1)
    webmock (1.24.6)
      addressable (>= 2.3.6)
      crack (>= 0.3.2)
      hashdiff
    websocket-driver (0.6.3)
      websocket-extensions (>= 0.1.0)
    websocket-extensions (0.1.2)
    will_paginate (3.1.0)
    will_paginate-bootstrap (1.0.1)
      will_paginate (>= 3.0.3)
    xpath (2.0.0)
      nokogiri (~> 1.3)

PLATFORMS
  ruby

DEPENDENCIES
  alternate_rails!
  autoprefixer-rails
  bootstrap-sass (~> 3.2.0)
  bootstrap-select-rails
  bootstrap_form
  coffee-rails (~> 4.0.0)
  coveralls
  csvlint
  cucumber-rails
  database_cleaner
  dotenv-rails
  factory_girl_rails
  faker
  font-awesome-sass
  git
  jbuilder (~> 2.0)
  jquery-rails
  octokit
  odlifier
  omniauth-github
  pg
  poltergeist
  pry
  pry-remote
  rails (~> 4.1.6)
  rails-bootstrap-helpers
  rails_12factor
  rspec-rails
  sass-rails (~> 4.0.3)
  sdoc (~> 0.4.0)
  spring
  uglifier (>= 1.3.0)
  unicorn
  vcr
  webmock (~> 1.24)
  will_paginate-bootstrap

BUNDLED WITH
   1.12.3
